GEM
  remote: https://rubygems.org/
  specs:
    mustache (1.0.5)

PLATFORMS
  ruby

DEPENDENCIES
  mustache

BUNDLED WITH
   1.16.1
